GEM
  remote: http://rubygems.org/
  specs:
    coffee-script (2.2.0)
      coffee-script-source
      execjs
    coffee-script-source (1.4.0)
    execjs (1.4.0)
      multi_json (~> 1.0)
    hike (1.2.1)
    multi_json (1.5.0)
    rack (1.5.1)
    rack-server-pages (0.0.6)
      rack
    sass (3.2.5)
    slim (1.3.6)
      temple (~> 0.5.5)
      tilt (~> 1.3.3)
    sprockets (2.8.2)
      hike (~> 1.2)
      multi_json (~> 1.0)
      rack (~> 1.0)
      tilt (~> 1.1, != 1.3.0)
    temple (0.5.5)
    tilt (1.3.3)

PLATFORMS
  ruby

DEPENDENCIES
  coffee-script
  rack-server-pages
  sass
  slim
  sprockets
